PATH
  remote: .
  specs:
    pooled_curb (1.0.0)
      activesupport (~> 4.1.6)
      connection_pool (~> 2.0)
      curb (~> 0.8)
      yajl-ruby (~> 1.2)

GEM
  remote: https://rubygems.org/
  specs:
    activesupport (4.1.6)
      i18n (~> 0.6, >= 0.6.9)
      json (~> 1.7, >= 1.7.7)
      minitest (~> 5.1)
      thread_safe (~> 0.1)
      tzinfo (~> 1.1)
    connection_pool (2.0.0)
    curb (0.8.6)
    diff-lcs (1.2.5)
    i18n (0.7.0.beta1)
    json (1.8.1)
    minitest (5.4.2)
    rake (10.1.0)
    rspec (2.14.1)
      rspec-core (~> 2.14.0)
      rspec-expectations (~> 2.14.0)
      rspec-mocks (~> 2.14.0)
    rspec-core (2.14.8)
    rspec-expectations (2.14.5)
      diff-lcs (>= 1.1.3, < 2.0)
    rspec-mocks (2.14.6)
    thread_safe (0.3.4)
    tzinfo (1.2.2)
      thread_safe (~> 0.1)
    yajl-ruby (1.2.1)

PLATFORMS
  ruby

DEPENDENCIES
  json (~> 1.8)
  pooled_curb!
  rake (~> 10.1)
  rspec (~> 2.14)
